GEM
  remote: https://rubygems.org/
  specs:
    airbrussh (1.3.1)
      sshkit (>= 1.6.1, != 1.7.0)
    capistrano (3.11.0)
      airbrussh (>= 1.0.0)
      i18n
      rake (>= 10.0.0)
      sshkit (>= 1.9.0)
    capistrano-bundler (1.5.0)
      capistrano (~> 3.1)
    capistrano-nc (0.2.0)
      capistrano (~> 3.0)
      terminal-notifier (~> 2.0)
    capistrano-passenger (0.2.0)
      capistrano (~> 3.0)
    capistrano-rvm (0.1.2)
      capistrano (~> 3.0)
      sshkit (~> 1.2)
    concurrent-ruby (1.1.5)
    dotenv (2.7.2)
    facebook-messenger (1.4.0)
      httparty (~> 0.13, >= 0.13.7)
      rack (>= 1.4.5)
    faraday (0.15.4)
      multipart-post (>= 1.2, < 3)
    figaro (1.1.1)
      thor (~> 0.14)
    fuzzy_match (2.1.0)
    hash_dot (2.4.1)
    haversine (0.3.2)
    httparty (0.17.0)
      mime-types (~> 3.0)
      multi_xml (>= 0.5.2)
    i18n (1.6.0)
      concurrent-ruby (~> 1.0)
    mime-types (3.2.2)
      mime-types-data (~> 3.2015)
    mime-types-data (3.2019.0331)
    mixpanel-ruby (2.2.1)
    multi_xml (0.6.0)
    multipart-post (2.1.0)
    mustermann (1.0.3)
    net-scp (2.0.0)
      net-ssh (>= 2.6.5, < 6.0.0)
    net-ssh (5.2.0)
    popcorn_notify (0.1.0)
      faraday (~> 0.9)
    puma (3.12.1)
    rack (2.0.7)
    rack-protection (2.0.5)
      rack
    rake (12.3.2)
    rubotnik (0.2.3)
      dotenv
      facebook-messenger
      httparty
      puma
      sinatra
      thor
    sinatra (2.0.5)
      mustermann (~> 1.0)
      rack (~> 2.0)
      rack-protection (= 2.0.5)
      tilt (~> 2.0)
    sshkit (1.18.2)
      net-scp (>= 1.1.2)
      net-ssh (>= 2.8.0)
    terminal-notifier (2.0.0)
    thor (0.20.3)
    tilt (2.0.9)
    wit (6.0.0)

PLATFORMS
  ruby

DEPENDENCIES
  capistrano (~> 3.10)
  capistrano-bundler (~> 1.3)
  capistrano-nc (~> 0.2)
  capistrano-passenger
  capistrano-rvm
  faraday
  figaro
  fuzzy_match
  hash_dot
  haversine
  httparty
  i18n
  mixpanel-ruby
  popcorn_notify
  rubotnik
  sinatra
  wit

RUBY VERSION
   ruby 2.4.1p111

BUNDLED WITH
   1.16.0
