GEM
  remote: https://rubygems.org/
  specs:
    addressable (2.5.2)
      public_suffix (>= 2.0.2, < 4.0)
    dotenv (2.2.1)
    facebook-messenger (1.0.0)
      httparty (~> 0.13, >= 0.13.7)
      rack (>= 1.6.4)
    faraday (0.14.0)
      multipart-post (>= 1.2, < 3)
    fuzzy_match (2.1.0)
    hash_dot (2.4.0)
    httparty (0.15.6)
      multi_xml (>= 0.5.2)
    mixpanel-ruby (2.2.0)
    multi_xml (0.6.0)
    multipart-post (2.0.0)
    mustermann (1.0.1)
    popcorn_notify (0.1.0)
      faraday (~> 0.9)
    public_suffix (3.0.1)
    puma (3.11.0)
    rack (2.0.3)
    rack-protection (2.0.0)
      rack
    rake (12.3.0)
    rubotnik (0.1.1)
      addressable
      dotenv
      facebook-messenger
      httparty
      puma
      sinatra
      thor
    sinatra (2.0.0)
      mustermann (~> 1.0)
      rack (~> 2.0)
      rack-protection (= 2.0.0)
      tilt (~> 2.0)
    thor (0.20.0)
    tilt (2.0.8)

PLATFORMS
  ruby

DEPENDENCIES
  faraday
  fuzzy_match
  hash_dot
  httparty
  mixpanel-ruby
  popcorn_notify
  rake
  rubotnik
  sinatra

RUBY VERSION
   ruby 2.4.1p111

BUNDLED WITH
   1.16.0
