GEM
  remote: https://rubygems.org/
  specs:
    addressable (2.5.2)
      public_suffix (>= 2.0.2, < 4.0)
    airbrussh (1.3.0)
      sshkit (>= 1.6.1, != 1.7.0)
    capistrano (3.11.0)
      airbrussh (>= 1.0.0)
      i18n
      rake (>= 10.0.0)
      sshkit (>= 1.9.0)
    capistrano-bundler (1.3.0)
      capistrano (~> 3.1)
      sshkit (~> 1.2)
    capistrano-nc (0.2.0)
      capistrano (~> 3.0)
      terminal-notifier (~> 2.0)
    capistrano-passenger (0.2.0)
      capistrano (~> 3.0)
    capistrano-rvm (0.1.2)
      capistrano (~> 3.0)
      sshkit (~> 1.2)
    concurrent-ruby (1.0.5)
    dotenv (2.2.1)
    facebook-messenger (1.0.0)
      httparty (~> 0.13, >= 0.13.7)
      rack (>= 1.6.4)
    faraday (0.14.0)
      multipart-post (>= 1.2, < 3)
    fuzzy_match (2.1.0)
    hash_dot (2.4.0)
    httparty (0.15.6)
      multi_xml (>= 0.5.2)
    i18n (1.0.1)
      concurrent-ruby (~> 1.0)
    mixpanel-ruby (2.2.0)
    multi_xml (0.6.0)
    multipart-post (2.0.0)
    mustermann (1.0.1)
    net-scp (1.2.1)
      net-ssh (>= 2.6.5)
    net-ssh (5.0.1)
    popcorn_notify (0.1.0)
      faraday (~> 0.9)
    public_suffix (3.0.1)
    puma (3.11.0)
    rack (2.0.3)
    rack-protection (2.0.0)
      rack
    rake (12.3.0)
    rubotnik (0.1.1)
      addressable
      dotenv
      facebook-messenger
      httparty
      puma
      sinatra
      thor
    sinatra (2.0.0)
      mustermann (~> 1.0)
      rack (~> 2.0)
      rack-protection (= 2.0.0)
      tilt (~> 2.0)
    sshkit (1.16.1)
      net-scp (>= 1.1.2)
      net-ssh (>= 2.8.0)
    terminal-notifier (2.0.0)
    thor (0.20.0)
    tilt (2.0.8)

PLATFORMS
  ruby

DEPENDENCIES
  capistrano (~> 3.10)
  capistrano-bundler (~> 1.3)
  capistrano-nc (~> 0.2)
  capistrano-passenger
  capistrano-rvm
  dotenv
  faraday
  fuzzy_match
  hash_dot
  httparty
  i18n
  mixpanel-ruby
  popcorn_notify
  rubotnik
  sinatra

RUBY VERSION
   ruby 2.4.1p111

BUNDLED WITH
   1.16.2
